ObjectType = Image
NDims = 2
BinaryData = True
BinaryDataByteOrderMSB = False
CompressedData = True
CompressedDataSize = 33476
TransformMatrix = 1 0 0 1
Offset = 0 0
CenterOfRotation = 0 0
ElementSpacing = 1 1
DimSize = 181 217
AnatomicalOrientation = ??
ElementType = MET_UCHAR
ElementDataFile = brain.zraw
